GEM
  remote: http://rubygems.org/
  specs:
    configuration (1.2.0)
    em-redis (0.3.0)
      eventmachine
    eventmachine (0.12.10)
    girl_friday (0.9.0)
    heroku (2.0.4)
      launchy (>= 0.3.2)
      rest-client (< 1.7.0, >= 1.4.0)
      term-ansicolor (~> 1.0.5)
    launchy (0.4.0)
      configuration (>= 0.0.5)
      rake (>= 0.8.1)
    mime-types (1.16)
    rack (1.2.2)
    rake (0.8.7)
    rest-client (1.6.1)
      mime-types (>= 1.16)
    sinatra (1.2.6)
      rack (~> 1.1)
      tilt (< 2.0, >= 1.2.2)
    term-ansicolor (1.0.5)
    tilt (1.3)

PLATFORMS
  ruby

DEPENDENCIES
  em-redis
  girl_friday
  heroku
  sinatra
